ObjectType = Image
NDims = 3
BinaryData = True
BinaryDataByteOrderMSB = False
CompressedData = True
CompressedDataSize = 2896657
TransformMatrix = 1 0 0 0 1 0 0 0 1
Offset = 54.779998779296875 2.4900000095367432 -119.95199902343751
CenterOfRotation = 0 0 0
ElementSpacing = 0.41499999165534973 0.41499999165534973 0.83300000429153442
DimSize = 253 261 65
AnatomicalOrientation = ???
ElementType = MET_SHORT
ElementDataFile = L1.zraw
