ObjectType = Image
NDims = 3
BinaryData = True
BinaryDataByteOrderMSB = False
CompressedData = True
CompressedDataSize = 31075075
TransformMatrix = 1 0 0 0 1 0 0 0 1
Offset = 0 0 -159.10300000000001
CenterOfRotation = 0 0 0
ElementSpacing = 0.41499999165534973 0.41499999165534973 0.83300000429153442
DimSize = 512 512 192
AnatomicalOrientation = ???
ElementType = MET_SHORT
ElementDataFile = origin.zraw
